GEM
  remote: https://rubygems.org/
  specs:
    concurrent-ruby (1.1.6)
    i18n (1.8.2)
      concurrent-ruby (~> 1.0)
    json (2.3.0)
    money (6.13.7)
      i18n (>= 0.6.4, <= 2)
    multi_json (1.15.0)
    mustermann (1.1.1)
      ruby2_keywords (~> 0.0.1)
    rack (2.2.3)
    rack-protection (2.2.0)
      rack
    ruby2_keywords (0.0.5)
    sinatra (2.2.0)
      mustermann (~> 1.0)
      rack (~> 2.2)
      rack-protection (= 2.2.0)
      tilt (~> 2.0)
    sinatra-contrib (2.2.0)
      multi_json
      mustermann (~> 1.0)
      rack-protection (= 2.2.0)
      sinatra (= 2.2.0)
      tilt (~> 2.0)
    stripe (5.14.0)
    tilt (2.0.10)

PLATFORMS
  ruby

DEPENDENCIES
  json
  money
  sinatra
  sinatra-contrib
  stripe

BUNDLED WITH
   2.1.4
